GEM
  remote: https://rubygems.org/
  specs:
    colorize (0.8.1)
    os (1.0.0)

PLATFORMS
  ruby

DEPENDENCIES
  colorize
  os

BUNDLED WITH
   1.16.1
